GEM
  remote: https://rubygems.org/
  specs:
    concurrent-ruby (1.3.4)
    debug (1.9.2)
      irb (~> 1.10)
      reline (>= 0.3.8)
    faker (3.5.1)
      i18n (>= 1.8.11, < 2)
    gimei (1.5.0)
    i18n (1.14.6)
      concurrent-ruby (~> 1.0)
    io-console (0.7.2)
    irb (1.14.1)
      rdoc (>= 4.0.0)
      reline (>= 0.4.2)
    psych (5.2.0)
      stringio
    rdoc (6.8.1)
      psych (>= 4.0.0)
    reline (0.5.11)
      io-console (~> 0.5)
    stringio (3.1.2)

PLATFORMS
  ruby
  x86_64-darwin-21

DEPENDENCIES
  debug
  faker
  gimei

BUNDLED WITH
   2.5.22
